GEM
  remote: http://rubygems.org/
  specs:
    haml (4.0.0)
      tilt
    sass (3.2.6)
    tilt (1.3.4)

PLATFORMS
  ruby

DEPENDENCIES
  haml
  sass
